GEM
  remote: http://rubygems.org/
  specs:
    activesupport (3.0.5)
    configuration (1.2.0)
    geokit (1.5.0)
    heroku (1.19.1)
      activesupport (>= 2.1.0)
      launchy (~> 0.3.2)
      rest-client (>= 1.4.0, < 1.7.0)
    i18n (0.5.0)
    launchy (0.3.7)
      configuration (>= 0.0.5)
      rake (>= 0.8.1)
    mime-types (1.16)
    mustache (0.99.3)
    newrelic_rpm (2.14.1)
    nokogiri (1.4.4)
    rack (1.2.2)
    rake (0.8.7)
    rest-client (1.6.1)
      mime-types (>= 1.16)
    shotgun (0.9)
      rack (>= 1.0)
    sinatra (1.2.1)
      rack (~> 1.1)
      tilt (>= 1.2.2, < 2.0)
    tilt (1.2.2)
    tzinfo (0.3.26)

PLATFORMS
  ruby

DEPENDENCIES
  activesupport (~> 3.0.5)
  geokit (~> 1.5.0)
  heroku (~> 1.19.1)
  i18n (~> 0.5.0)
  mustache (~> 0.99.3)
  newrelic_rpm
  nokogiri (~> 1.4.4)
  shotgun (~> 0.9)
  sinatra (~> 1.2.1)
  tzinfo (~> 0.3.26)
